GEM
  remote: https://rubygems.org/
  specs:
    awesome_print (1.7.0)
    benchmark-ips (2.7.2)
    coderay (1.1.1)
    dotenv (2.1.1)
    faraday (2.6.0)
      faraday-net_http (>= 2.0, < 3.1)
      ruby2_keywords (>= 0.0.4)
    faraday-net_http (3.0.1)
    foreman (0.82.0)
      thor (~> 0.19.1)
    hashie (5.0.0)
    httparty (0.14.0)
      multi_xml (>= 0.5.2)
    jwt (2.5.0)
    method_source (0.8.2)
    multi_json (1.15.0)
    multi_xml (0.6.0)
    mustermann (3.0.0)
      ruby2_keywords (~> 0.0.1)
    oauth2 (2.0.9)
      faraday (>= 0.17.3, < 3.0)
      jwt (>= 1.0, < 3.0)
      multi_xml (~> 0.5)
      rack (>= 1.2, < 4)
      snaky_hash (~> 2.0)
      version_gem (~> 1.1)
    pry (0.10.4)
      coderay (~> 1.1.0)
      method_source (~> 0.8.1)
      slop (~> 3.4)
    puma (3.6.0)
    rack (2.2.4)
    rack-protection (3.0.2)
      rack
    ruby2_keywords (0.0.5)
    sinatra (3.0.2)
      mustermann (~> 3.0)
      rack (~> 2.2, >= 2.2.4)
      rack-protection (= 3.0.2)
      tilt (~> 2.0)
    sinatra-contrib (3.0.2)
      multi_json
      mustermann (~> 3.0)
      rack-protection (= 3.0.2)
      sinatra (= 3.0.2)
      tilt (~> 2.0)
    slop (3.6.0)
    snaky_hash (2.0.1)
      hashie
      version_gem (~> 1.1, >= 1.1.1)
    thor (0.19.1)
    tilt (2.0.11)
    version_gem (1.1.1)

PLATFORMS
  ruby

DEPENDENCIES
  awesome_print
  benchmark-ips
  dotenv
  foreman
  httparty
  oauth2 (>= 1.4.11)
  pry
  puma
  sinatra
  sinatra-contrib

BUNDLED WITH
   1.17.3
